GEM
  remote: https://rubygems.org/
  specs:
    clamp (0.5.1)
    daemons (1.1.9)
    eventmachine (1.0.3)
    haml (4.0.2)
      tilt
    pith (0.3.3)
      clamp (>= 0.3.0)
      rack (>= 1.2.1)
      thin (>= 1.2.7)
      tilt (>= 1.3)
    rack (1.5.2)
    rake (10.0.4)
    rdiscount (2.0.7.2)
    sass (3.2.8)
    thin (1.5.1)
      daemons (>= 1.0.9)
      eventmachine (>= 0.12.6)
      rack (>= 1.0.0)
    tilt (1.3.7)

PLATFORMS
  ruby

DEPENDENCIES
  haml
  pith (~> 0.3.3)
  rake
  rdiscount
  sass
