GIT
  remote: https://github.com/mdub/pith.git
  revision: 14c1750537bf41f6d0eb566fdf105662aa9f946b
  ref: 14c1750
  specs:
    pith (0.3.4)
      clamp (>= 0.3.0)
      rack (>= 1.2.1)
      rack-livereload (>= 0.3.14)
      thin (>= 1.2.7)
      tilt (>= 1.3)

GEM
  remote: https://rubygems.org/
  specs:
    clamp (1.3.1)
    daemons (1.3.1)
    eventmachine (1.2.7)
    ffi (1.11.3)
    ftp_sync (0.4.3)
      net-ftp-list (>= 2.1.1)
    haml (5.1.2)
      temple (>= 0.8.0)
      tilt
    net-ftp-list (3.2.11)
    rack (2.2.3)
    rack-livereload (0.3.17)
      rack
    rake (13.0.1)
    rb-fsevent (0.10.3)
    rb-inotify (0.10.0)
      ffi (~> 1.0)
    rdiscount (2.2.0.1)
    sass (3.7.4)
      sass-listen (~> 4.0.0)
    sass-listen (4.0.0)
      rb-fsevent (~> 0.9, >= 0.9.4)
      rb-inotify (~> 0.9, >= 0.9.7)
    temple (0.8.2)
    thin (1.7.2)
      daemons (~> 1.0, >= 1.0.9)
      eventmachine (~> 1.0, >= 1.0.4)
      rack (>= 1, < 3)
    tilt (2.0.10)

PLATFORMS
  ruby

DEPENDENCIES
  ftp_sync
  haml
  pith (~> 0.3.4)!
  rake
  rdiscount
  sass

BUNDLED WITH
   2.0.2
